GEM
  remote: https://rubygems.org/
  specs:
    artii (2.1.1)
    colorize (0.7.7)

PLATFORMS
  x86-mingw32

DEPENDENCIES
  artii
  colorize
